GEM
  remote: http://rubygems.org/
  specs:
    diff-lcs (1.1.3)
    fabrication (1.4.0)
    faker (1.0.1)
      i18n (~> 0.4)
    faraday (0.8.1)
      multipart-post (~> 1.1)
    i18n (0.6.0)
    json (1.7.3)
    multipart-post (1.1.5)
    puma (1.4.0)
      rack (~> 1.2)
    rack (1.4.1)
    rspec (2.10.0)
      rspec-core (~> 2.10.0)
      rspec-expectations (~> 2.10.0)
      rspec-mocks (~> 2.10.0)
    rspec-core (2.10.1)
    rspec-expectations (2.10.0)
      diff-lcs (~> 1.1.3)
    rspec-mocks (2.10.1)

PLATFORMS
  ruby

DEPENDENCIES
  fabrication
  faker
  faraday
  json
  puma
  rspec
